GIT
  remote: git@github.com:lotaris/bwoken.git
  revision: f3ee3d93c1c0f4724d0c80db9e7fcaa4b4254725
  branch: custom-formatter
  specs:
    bwoken (2.0.0)
      coffee-script-source
      colorful
      execjs
      json_pure
      rake
      slop

GEM
  remote: http://rubygems.org/
  specs:
    addressable (2.3.5)
    builder (3.2.2)
    coffee-script-source (1.7.0)
    colorful (0.0.3)
    diff-lcs (1.2.5)
    execjs (2.0.2)
    faraday (0.8.8)
      multipart-post (~> 1.2.0)
    git (1.2.6)
    github_api (0.10.1)
      addressable
      faraday (~> 0.8.1)
      hashie (>= 1.2)
      multi_json (~> 1.4)
      nokogiri (~> 1.5.2)
      oauth2
    hashie (2.0.5)
    highline (1.6.19)
    httparty (0.13.0)
      json (~> 1.8)
      multi_xml (>= 0.5.2)
    httpauth (0.2.0)
    jeweler (1.8.7)
      builder
      bundler (~> 1.0)
      git (>= 1.2.5)
      github_api (= 0.10.1)
      highline (>= 1.6.15)
      nokogiri (= 1.5.10)
      rake
      rdoc
    json (1.8.0)
    json_pure (1.8.1)
    jwt (0.1.8)
      multi_json (>= 1.5)
    multi_json (1.8.0)
    multi_xml (0.5.5)
    multipart-post (1.2.0)
    nokogiri (1.5.10)
    oauth2 (0.9.2)
      faraday (~> 0.8)
      httpauth (~> 0.2)
      jwt (~> 0.1.4)
      multi_json (~> 1.0)
      multi_xml (~> 0.5)
      rack (~> 1.2)
    oj (2.7.2)
    paint (0.8.7)
    rack (1.5.2)
    rake (10.1.0)
    rake-version (0.4.0)
      rake (~> 10)
    rdoc (4.0.1)
      json (~> 1.4)
    rox-client-ruby (0.1.0)
      httparty (~> 0.13)
      oj (~> 2.1)
      paint (~> 0.8)
      rake (~> 10.1)
    rspec (2.14.1)
      rspec-core (~> 2.14.0)
      rspec-expectations (~> 2.14.0)
      rspec-mocks (~> 2.14.0)
    rspec-core (2.14.8)
    rspec-expectations (2.14.5)
      diff-lcs (>= 1.1.3, < 2.0)
    rspec-mocks (2.14.6)
    simplecov (0.7.1)
      multi_json (~> 1.0)
      simplecov-html (~> 0.7.1)
    simplecov-html (0.7.1)
    slop (3.5.0)

PLATFORMS
  ruby

DEPENDENCIES
  bundler (~> 1)
  bwoken (~> 2.0)!
  jeweler (~> 1.8)
  rake-version (~> 0.4)
  rox-client-ruby (~> 0.1)
  rspec (~> 2.14)
  simplecov (~> 0.7)
